PATH
  remote: .
  specs:
    ruby_ast_visualizer (0.2.0)
      parser
      ruby-graphviz

GEM
  remote: https://rubygems.org/
  specs:
    ast (2.3.0)
    parser (2.3.1.4)
      ast (~> 2.2)
    ruby-graphviz (1.2.2)

PLATFORMS
  ruby

DEPENDENCIES
  ruby_ast_visualizer!

BUNDLED WITH
   1.13.1
