PATH
  remote: .
  specs:
    ruby_ast_visualizer (0.4.0)
      parser
      ruby-graphviz

GEM
  remote: https://rubygems.org/
  specs:
    ast (2.4.0)
    parser (2.5.0.2)
      ast (~> 2.4.0)
    ruby-graphviz (1.2.3)

PLATFORMS
  ruby

DEPENDENCIES
  ruby_ast_visualizer!

BUNDLED WITH
   1.15.4
